GEM
  remote: https://rubygems.org/
  specs:
    aws-sdk (2.5.3)
      aws-sdk-resources (= 2.5.3)
    aws-sdk-core (2.5.3)
      jmespath (~> 1.0)
    aws-sdk-resources (2.5.3)
      aws-sdk-core (= 2.5.3)
    celluloid (0.17.3)
      celluloid-essentials
      celluloid-extras
      celluloid-fsm
      celluloid-pool
      celluloid-supervision
      timers (>= 4.1.1)
    celluloid-essentials (0.20.5)
      timers (>= 4.1.1)
    celluloid-extras (0.20.5)
      timers (>= 4.1.1)
    celluloid-fsm (0.20.5)
      timers (>= 4.1.1)
    celluloid-pool (0.20.5)
      timers (>= 4.1.1)
    celluloid-supervision (0.20.6)
      timers (>= 4.1.1)
    hitimes (1.2.4)
    jmespath (1.3.1)
    mini_portile2 (2.1.0)
    nokogiri (1.6.8)
      mini_portile2 (~> 2.1.0)
      pkg-config (~> 1.1.7)
    pkg-config (1.1.7)
    timers (4.1.1)
      hitimes

PLATFORMS
  ruby

DEPENDENCIES
  aws-sdk
  celluloid
  nokogiri
